GEM
  remote: http://rubygems.org/
  specs:
    andand (1.3.1)
    bio (1.4.2)
    bsearch (1.5.0)
    builder (3.0.0)
    coderay (1.0.5)
    diff-lcs (1.1.3)
    git (1.2.5)
    jeweler (1.8.3)
      bundler (~> 1.0)
      git (>= 1.2.5)
      rake
      rdoc
    json (1.6.5)
    method_source (0.7.1)
    mspire (0.6.26)
      andand (>= 1.3.1)
      bsearch (>= 1.5.0)
      builder (>= 3.0.0)
      nokogiri (~> 1.5)
      obo (>= 0.1.0)
      trollop (>= 1.16.2)
    nokogiri (1.5.2)
    obo (0.1.0)
    pry (0.9.8.4)
      coderay (~> 1.0.5)
      method_source (~> 0.7.1)
      slop (>= 2.4.4, < 3)
    rake (0.9.2.2)
    rdoc (3.12)
      json (~> 1.4)
    rserve-client (0.3.0)
    rserve-simpler (0.0.6)
      rserve-client (~> 0.3.0)
    rspec (2.8.0)
      rspec-core (~> 2.8.0)
      rspec-expectations (~> 2.8.0)
      rspec-mocks (~> 2.8.0)
    rspec-core (2.8.0)
    rspec-expectations (2.8.0)
      diff-lcs (~> 1.1.2)
    rspec-mocks (2.8.0)
    slop (2.4.4)
    trollop (1.16.2)

PLATFORMS
  ruby

DEPENDENCIES
  bio (~> 1.4.2)
  builder (~> 3.0)
  bundler (~> 1)
  jeweler (~> 1)
  mspire (~> 0.6.22)
  pry (~> 0.9.7)
  rserve-simpler (~> 0.0.6)
  rspec (~> 2)
